GEM
  remote: https://rubygems.org/
  specs:
    CFPropertyList (2.2.8)
    facter (2.4.4)
      CFPropertyList (~> 2.2.6)
    hiera (3.0.1)
      json_pure
    json_pure (1.8.2)
    puma (2.12.2)
    puppet (4.2.1)
      facter (> 2.0, < 4)
      hiera (>= 2.0, < 4)
      json_pure
    rack (1.6.4)

PLATFORMS
  ruby

DEPENDENCIES
  puma
  puppet
  rack
